GEM
<<<<<<< HEAD
  remote: https://rubygems.org/
  specs:
    actionmailer (3.2.8)
      actionpack (= 3.2.8)
      mail (~> 2.4.4)
    actionpack (3.2.8)
      activemodel (= 3.2.8)
      activesupport (= 3.2.8)
      builder (~> 3.0.0)
      erubis (~> 2.7.0)
      journey (~> 1.0.4)
      rack (~> 1.4.0)
      rack-cache (~> 1.2)
      rack-test (~> 0.6.1)
      sprockets (~> 2.1.3)
    activemodel (3.2.8)
      activesupport (= 3.2.8)
      builder (~> 3.0.0)
    activerecord (3.2.8)
      activemodel (= 3.2.8)
      activesupport (= 3.2.8)
      arel (~> 3.0.2)
      tzinfo (~> 0.3.29)
    activeresource (3.2.8)
      activemodel (= 3.2.8)
      activesupport (= 3.2.8)
    activesupport (3.2.8)
      i18n (~> 0.6)
      multi_json (~> 1.0)
    addressable (2.3.2)
    annotate (2.5.0)
      rake
    arel (3.0.2)
    bcrypt-ruby (3.0.1)
    builder (3.0.4)
    capybara (1.1.2)
      mime-types (>= 1.16)
      nokogiri (>= 1.3.3)
      rack (>= 1.0.0)
      rack-test (>= 0.5.4)
      selenium-webdriver (~> 2.0)
      xpath (~> 0.1.4)
    childprocess (0.3.6)
      ffi (~> 1.0, >= 1.0.6)
    coffee-rails (3.2.2)
      coffee-script (>= 2.2.0)
      railties (~> 3.2.0)
    coffee-script (2.2.0)
      coffee-script-source
      execjs
    coffee-script-source (1.3.3)
    diff-lcs (1.1.3)
    erubis (2.7.0)
    execjs (1.4.0)
      multi_json (~> 1.0)
    ffi (1.1.5)
    hike (1.2.1)
    i18n (0.6.1)
    journey (1.0.4)
    jquery-rails (2.0.2)
      railties (>= 3.2.0, < 5.0)
      thor (~> 0.14)
    json (1.7.5)
    libwebsocket (0.1.5)
      addressable
    mail (2.4.4)
=======
  remote: http://rubygems.org/
  specs:
    abstract (1.0.0)
    actionmailer (3.0.17)
      actionpack (= 3.0.17)
      mail (~> 2.2.19)
    actionpack (3.0.17)
      activemodel (= 3.0.17)
      activesupport (= 3.0.17)
      builder (~> 2.1.2)
      erubis (~> 2.6.6)
      i18n (~> 0.5.0)
      rack (~> 1.2.5)
      rack-mount (~> 0.6.14)
      rack-test (~> 0.5.7)
      tzinfo (~> 0.3.23)
    activemodel (3.0.17)
      activesupport (= 3.0.17)
      builder (~> 2.1.2)
      i18n (~> 0.5.0)
    activerecord (3.0.17)
      activemodel (= 3.0.17)
      activesupport (= 3.0.17)
      arel (~> 2.0.10)
      tzinfo (~> 0.3.23)
    activeresource (3.0.17)
      activemodel (= 3.0.17)
      activesupport (= 3.0.17)
    activesupport (3.0.17)
    arel (2.0.10)
    builder (2.1.2)
    erubis (2.6.6)
      abstract (>= 1.0.0)
    i18n (0.5.0)
    json (1.7.5)
    mail (2.2.19)
      activesupport (>= 2.3.6)
>>>>>>> 589d26e141cc87bbd7637c14b9cd32102494433c
      i18n (>= 0.4.0)
      mime-types (~> 1.16)
      treetop (~> 1.4.8)
    mime-types (1.19)
<<<<<<< HEAD
    multi_json (1.3.6)
    nokogiri (1.5.5)
    pg (0.12.2)
    polyglot (0.3.3)
    rack (1.4.1)
    rack-cache (1.2)
      rack (>= 0.4)
    rack-ssl (1.3.2)
      rack
    rack-test (0.6.2)
      rack (>= 1.0)
    rails (3.2.8)
      actionmailer (= 3.2.8)
      actionpack (= 3.2.8)
      activerecord (= 3.2.8)
      activeresource (= 3.2.8)
      activesupport (= 3.2.8)
      bundler (~> 1.0)
      railties (= 3.2.8)
    railties (3.2.8)
      actionpack (= 3.2.8)
      activesupport (= 3.2.8)
      rack-ssl (~> 1.3.2)
      rake (>= 0.8.7)
      rdoc (~> 3.4)
      thor (>= 0.14.6, < 2.0)
    rake (0.9.2.2)
    rb-readline (0.4.2)
    rdoc (3.12)
      json (~> 1.4)
    rspec (2.11.0)
      rspec-core (~> 2.11.0)
      rspec-expectations (~> 2.11.0)
      rspec-mocks (~> 2.11.0)
    rspec-core (2.11.1)
    rspec-expectations (2.11.3)
      diff-lcs (~> 1.1.3)
    rspec-mocks (2.11.3)
    rspec-rails (2.11.0)
      actionpack (>= 3.0)
      activesupport (>= 3.0)
      railties (>= 3.0)
      rspec (~> 2.11.0)
    rubyzip (0.9.9)
    sass (3.2.1)
    sass-rails (3.2.5)
      railties (~> 3.2.0)
      sass (>= 3.1.10)
      tilt (~> 1.3)
    selenium-webdriver (2.25.0)
      childprocess (>= 0.2.5)
      libwebsocket (~> 0.1.3)
      multi_json (~> 1.0)
      rubyzip
    sprockets (2.1.3)
      hike (~> 1.2)
      rack (~> 1.0)
      tilt (~> 1.1, != 1.3.0)
    sqlite3 (1.3.5)
    thor (0.16.0)
    tilt (1.3.3)
    treetop (1.4.11)
      polyglot
      polyglot (>= 0.3.1)
    tzinfo (0.3.33)
    uglifier (1.2.3)
      execjs (>= 0.3.0)
      multi_json (>= 1.0.2)
    xpath (0.1.4)
      nokogiri (~> 1.3)
=======
    polyglot (0.3.3)
    rack (1.2.5)
    rack-mount (0.6.14)
      rack (>= 1.0.0)
    rack-test (0.5.7)
      rack (>= 1.0)
    rails (3.0.17)
      actionmailer (= 3.0.17)
      actionpack (= 3.0.17)
      activerecord (= 3.0.17)
      activeresource (= 3.0.17)
      activesupport (= 3.0.17)
      bundler (~> 1.0)
      railties (= 3.0.17)
    railties (3.0.17)
      actionpack (= 3.0.17)
      activesupport (= 3.0.17)
      rake (>= 0.8.7)
      rdoc (~> 3.4)
      thor (~> 0.14.4)
    rake (0.9.2.2)
    rdoc (3.12)
      json (~> 1.4)
    sqlite3 (1.3.6)
    thor (0.14.6)
    treetop (1.4.10)
      polyglot
      polyglot (>= 0.3.1)
    tzinfo (0.3.33)
>>>>>>> 589d26e141cc87bbd7637c14b9cd32102494433c

PLATFORMS
  ruby

DEPENDENCIES
<<<<<<< HEAD
  annotate (= 2.5.0)
  bcrypt-ruby (= 3.0.1)
  capybara (= 1.1.2)
  coffee-rails (~> 3.2.2)
  jquery-rails (= 2.0.2)
  pg (= 0.12.2)
  rails (= 3.2.8)
  rb-readline
  rspec-rails (= 2.11.0)
  sass-rails (~> 3.2.3)
  sqlite3 (= 1.3.5)
  uglifier (= 1.2.3)
=======
  rails (= 3.0.17)
  sqlite3 (~> 1.3.6)
>>>>>>> 589d26e141cc87bbd7637c14b9cd32102494433c
